GIT
  remote: git://github.com/rom-rb/devtools.git
  revision: bca222ee252d4d4bd86f55967704965711e90096
  specs:
    devtools (0.0.2)
      ice_nine (~> 0.8.0)

GIT
  remote: https://github.com/bbatsov/rubocop.git
  revision: e9fa7563d4ea6c0abb7ed58e1bdb81ebe5138c5f
  specs:
    rubocop (0.10.0)
      backports (~> 3.3.3)
      parser (= 2.0.0.pre2)
      powerpack (= 0.0.1)
      rainbow (>= 1.1.4)

GIT
  remote: https://github.com/troessner/reek.git
  revision: ae4d09078ae29bc6cbced4bb41b8642733d8ffc4
  specs:
    reek (1.3.1)
      ruby2ruby (~> 2.0.2)
      ruby_parser (~> 3.1.1)
      sexp_processor

PATH
  remote: .
  specs:
    slippery (0.0.1)
      hexp (~> 0.0)
      kramdown (~> 1.1)

PATH
  remote: /home/arne/github/hexp
  specs:
    hexp (0.2.0)
      equalizer (~> 0.0)
      ice_nine (~> 0.8)
      nokogiri (~> 1.6)
      sass (~> 3.2)

GEM
  remote: https://rubygems.org/
  specs:
    abstract_type (0.0.6)
    adamantium (0.0.11)
      ice_nine (~> 0.8.0)
    anima (0.0.6)
      abstract_type (~> 0.0.4)
      adamantium (~> 0.0.6)
      backports (~> 3.0, >= 3.0.3)
      equalizer (~> 0.0.4)
    ast (1.1.0)
    backports (3.3.3)
    coderay (1.0.9)
    colorize (0.5.8)
    concord (0.1.2)
      adamantium (~> 0.0.10)
      equalizer (~> 0.0.5)
    coveralls (0.6.7)
      colorize
      multi_json (~> 1.3)
      rest-client
      simplecov (>= 0.7)
      thor
    descendants_tracker (0.0.1)
    diff-lcs (1.2.4)
    equalizer (0.0.5)
      adamantium (~> 0.0.6)
      backports (~> 3.0, >= 3.0.3)
    ffi (1.9.0)
    ffi-hunspell (0.3.0)
      ffi (~> 1.0)
    flay (2.3.1)
      ruby_parser (~> 3.0)
      sexp_processor (~> 4.0)
    flog (4.1.1)
      ruby_parser (~> 3.1, > 3.1.0)
      sexp_processor (~> 4.0)
    formatador (0.2.4)
    guard (1.8.1)
      formatador (>= 0.2.4)
      listen (>= 1.0.0)
      lumberjack (>= 1.0.2)
      pry (>= 0.9.10)
      thor (>= 0.14.6)
    guard-bundler (1.0.0)
      bundler (~> 1.0)
      guard (~> 1.1)
    guard-mutant (0.0.1)
      guard (~> 1.8)
      inflecto (~> 0.0.2)
      mutant (~> 0.3.0.beta15)
    guard-rspec (3.0.2)
      guard (>= 1.8)
      rspec (~> 2.13)
    guard-rubocop (0.2.0)
      guard (~> 1.8)
      rubocop (~> 0.9)
    ice_nine (0.8.0)
    inflecto (0.0.2)
    kramdown (1.1.0)
    libnotify (0.8.1)
      ffi (>= 1.0.11)
    listen (1.2.2)
      rb-fsevent (>= 0.9.3)
      rb-inotify (>= 0.9)
      rb-kqueue (>= 0.2)
    lumberjack (1.0.4)
    method_source (0.8.1)
    mime-types (1.23)
    mini_portile (0.5.1)
    multi_json (1.7.7)
    mutant (0.3.0.beta18)
      adamantium (~> 0.0.10)
      anima (~> 0.0.6)
      concord (~> 0.1.1)
      descendants_tracker (~> 0.0.1)
      equalizer (~> 0.0.5)
      ice_nine (~> 0.8.0)
      inflecto (~> 0.0.2)
      parser (~> 2.0.0.pre2)
      rspec (~> 2.14.1)
      unparser (~> 0.0.8)
    nokogiri (1.6.0)
      mini_portile (~> 0.5.0)
    parser (2.0.0.pre2)
      ast (~> 1.1)
      slop (~> 3.4, >= 3.4.5)
    pelusa (0.2.2)
    powerpack (0.0.1)
    pry (0.9.12.2)
      coderay (~> 1.0.5)
      method_source (~> 0.8)
      slop (~> 3.4)
    rainbow (1.1.4)
    rake (10.1.0)
    rb-fchange (0.0.6)
      ffi
    rb-fsevent (0.9.3)
    rb-inotify (0.9.0)
      ffi (>= 0.5.0)
    rb-kqueue (0.2.0)
      ffi (>= 0.5.0)
    rb-notifu (0.0.4)
    rbench (0.2.3)
    rest-client (1.6.7)
      mime-types (>= 1.16)
    rspec (2.14.1)
      rspec-core (~> 2.14.0)
      rspec-expectations (~> 2.14.0)
      rspec-mocks (~> 2.14.0)
    rspec-core (2.14.3)
    rspec-expectations (2.14.0)
      diff-lcs (>= 1.1.3, < 2.0)
    rspec-mocks (2.14.1)
    ruby2ruby (2.0.6)
      ruby_parser (~> 3.1)
      sexp_processor (~> 4.0)
    ruby_parser (3.1.3)
      sexp_processor (~> 4.1)
    sass (3.2.9)
    sexp_processor (4.2.1)
    simplecov (0.7.1)
      multi_json (~> 1.0)
      simplecov-html (~> 0.7.1)
    simplecov-html (0.7.1)
    slop (3.4.5)
    terminal-notifier-guard (1.5.3)
    thor (0.18.1)
    unparser (0.0.8)
      abstract_type (~> 0.0.5)
      adamantium (~> 0.0.7)
      concord (~> 0.1.0)
      equalizer (~> 0.0.5)
      parser (~> 2.0.0.pre1)
    yard (0.8.6.2)
    yard-spellcheck (0.1.5)
      ffi-hunspell (~> 0.2)
      yard (~> 0.6)
    yardstick (0.9.6)
      backports (~> 3.3, >= 3.3.0)
      yard (~> 0.8, >= 0.8.6)

PLATFORMS
  ruby

DEPENDENCIES
  coveralls (~> 0.6.7)
  devtools!
  flay (~> 2.3.1)
  flog (~> 4.1.1)
  guard (~> 1.8.1)
  guard-bundler (~> 1.0.0)
  guard-mutant (~> 0.0.1)
  guard-rspec (~> 3.0.2)
  guard-rubocop (~> 0.2.0)
  hexp!
  slippery!
  jruby-openssl (~> 0.8.5)
  kramdown (~> 1.1.0)
  libnotify (~> 0.8.0)
  listen (~> 1.2.2)
  mutant (~> 0.3.0.beta18)
  pelusa (~> 0.2.2)
  rake (~> 10.1.0)
  rb-fchange (~> 0.0.6)
  rb-fsevent (~> 0.9.3)
  rb-inotify (~> 0.9.0)
  rb-notifu (~> 0.0.4)
  rbench (~> 0.2.3)
  reek (~> 1.3.1)!
  rspec (~> 2.14.1)
  rubocop (~> 0.10.0)!
  simplecov (~> 0.7.1)
  terminal-notifier-guard (~> 1.5.3)
  yard (~> 0.8.6.2)
  yard-spellcheck (~> 0.1.5)
  yardstick (~> 0.9.6)
